GEM
  remote: https://rubygems.org/
  specs:
    amq-protocol (1.9.2)
    bunny (1.4.1)
      amq-protocol (>= 1.9.2)

PLATFORMS
  ruby

DEPENDENCIES
  bunny
